GEM
  remote: https://rubygems.org/
  specs:
    coderay (1.1.0)
    dotenv (2.1.0)
    kramdown (1.10.0)
    method_source (0.8.2)
    pg (0.18.4)
    pry (0.10.3)
      coderay (~> 1.1.0)
      method_source (~> 0.8.1)
      slop (~> 3.4)
    rack (1.6.4)
    roda (2.13.0)
      rack
    sequel (4.33.0)
    shotgun (0.9.1)
      rack (>= 1.0)
    slop (3.6.0)
    tilt (2.0.2)

PLATFORMS
  ruby

DEPENDENCIES
  dotenv
  kramdown
  pg
  pry
  roda
  sequel
  shotgun
  tilt

BUNDLED WITH
   1.11.2
